GEM
  remote: https://rubygems.org/
  specs:
    cairo (1.15.5)
      pkg-config (>= 1.1.5)
    gdk_pixbuf2 (3.1.1)
      gio2 (= 3.1.1)
    gio2 (3.1.1)
      glib2 (= 3.1.1)
      gobject-introspection (= 3.1.1)
    glib2 (3.1.1)
      pkg-config
    gobject-introspection (3.1.1)
      glib2 (= 3.1.1)
    mercenary (0.3.6)
    mini_portile2 (2.1.0)
    nokogiri (1.7.0.1)
      mini_portile2 (~> 2.1.0)
    pango (3.1.1)
      cairo (>= 1.14.0)
      glib2 (= 3.1.1)
    pkg-config (1.1.7)
    roo (2.7.1)
      nokogiri (~> 1)
      rubyzip (~> 1.1, < 2.0.0)
    rsvg2 (3.1.1)
      cairo (>= 1.12.8)
      gdk_pixbuf2 (= 3.1.1)
    ruby-progressbar (1.8.1)
    rubyzip (1.2.1)
    squib (0.13.2)
      cairo (~> 1.15.5)
      gio2 (~> 3.1.1)
      gobject-introspection (~> 3.1.1)
      mercenary (~> 0.3.4)
      nokogiri (~> 1.7.0)
      pango (~> 3.1.1)
      roo (~> 2.7.0)
      rsvg2 (~> 3.1.1)
      ruby-progressbar (~> 1.8)

PLATFORMS
  ruby

DEPENDENCIES
  squib

BUNDLED WITH
   1.13.6
